GEM
  remote: https://rubygems.org/
  specs:
    activemodel (5.2.2)
      activesupport (= 5.2.2)
    activerecord (5.2.2)
      activemodel (= 5.2.2)
      activesupport (= 5.2.2)
      arel (>= 9.0)
    activerecord-import (0.28.1)
      activerecord (>= 3.2)
    activesupport (5.2.2)
      concurrent-ruby (~> 1.0, >= 1.0.2)
      i18n (>= 0.7, < 2)
      minitest (~> 5.1)
      tzinfo (~> 1.1)
    arel (9.0.0)
    awesome_print (1.8.0)
    aws-eventstream (1.0.1)
    aws-partitions (1.133.0)
    aws-sdk-cloudfront (1.11.0)
      aws-sdk-core (~> 3, >= 3.39.0)
      aws-sigv4 (~> 1.0)
    aws-sdk-core (3.46.0)
      aws-eventstream (~> 1.0)
      aws-partitions (~> 1.0)
      aws-sigv4 (~> 1.0)
      jmespath (~> 1.0)
    aws-sdk-kms (1.13.0)
      aws-sdk-core (~> 3, >= 3.39.0)
      aws-sigv4 (~> 1.0)
    aws-sdk-s3 (1.30.1)
      aws-sdk-core (~> 3, >= 3.39.0)
      aws-sdk-kms (~> 1)
      aws-sigv4 (~> 1.0)
    aws-sigv4 (1.0.3)
    clipboard (1.3.3)
    coderay (1.1.2)
    colorize (0.8.1)
    concurrent-ruby (1.1.4)
    erubis (2.7.0)
    i18n (1.5.3)
      concurrent-ruby (~> 1.0)
    iobuffer (1.1.2)
    jmespath (1.4.0)
    method_source (0.9.2)
    mini_portile2 (2.4.0)
    minitest (5.11.3)
    mustache (1.1.0)
    mustermann (1.0.3)
    nokogiri (1.10.1)
      mini_portile2 (~> 2.4.0)
    oj (3.7.8)
    pg (1.1.4)
    pry (0.12.2)
      coderay (~> 1.1.0)
      method_source (~> 0.9.0)
    que (1.0.0.beta3)
    que-web (0.8.0)
      erubis
      que (~> 1.0.0.beta3)
      sinatra
    rack (2.0.6)
    rack-protection (2.0.5)
      rack
    rake (12.3.2)
    reverse_markdown (1.1.0)
      nokogiri
    ruby-prof (0.17.0)
    ruby-progressbar (1.10.0)
    sinatra (2.0.5)
      mustermann (~> 1.0)
      rack (~> 2.0)
      rack-protection (= 2.0.5)
      tilt (~> 2.0)
    thread_safe (0.3.6)
    tilt (2.0.9)
    tzinfo (1.2.5)
      thread_safe (~> 0.1)
    zlib (1.0.0)

PLATFORMS
  ruby

DEPENDENCIES
  activerecord
  activerecord-import
  awesome_print
  aws-sdk-cloudfront
  aws-sdk-s3
  clipboard
  colorize
  i18n
  iobuffer
  mustache
  nokogiri
  oj
  pg
  pry
  que (= 1.0.0.beta3)
  que-web
  rake
  reverse_markdown
  ruby-prof
  ruby-progressbar
  zlib

RUBY VERSION
   ruby 2.6.3

BUNDLED WITH
   1.17.2
